GEM
  remote: https://rubygems.org/
  specs:
    addressable (2.4.0)
    autoprefixer-rails (6.3.1)
      execjs
      json
    babel-source (5.8.35)
    babel-transpiler (0.7.0)
      babel-source (>= 4.0, < 6)
      execjs (~> 2.0)
    bourbon (4.2.6)
      sass (~> 3.4)
      thor (~> 0.19)
    colorator (0.1)
    concurrent-ruby (1.0.0)
    execjs (2.6.0)
    fastimage (1.8.1)
      addressable (~> 2.3, >= 2.3.5)
    ffi (1.9.10)
    jekyll (3.1.1)
      colorator (~> 0.1)
      jekyll-sass-converter (~> 1.0)
      jekyll-watch (~> 1.1)
      kramdown (~> 1.3)
      liquid (~> 3.0)
      mercenary (~> 0.3.3)
      rouge (~> 1.7)
      safe_yaml (~> 1.0)
    jekyll-assets (2.1.2)
      fastimage (~> 1.8)
      jekyll (~> 3.0)
      sprockets (~> 3.3)
      sprockets-helpers (~> 1.2)
      tilt (~> 2.0)
    jekyll-compose (0.4.1)
      jekyll (>= 2.5.0)
    jekyll-paginate (1.1.0)
    jekyll-sass-converter (1.4.0)
      sass (~> 3.4)
    jekyll-watch (1.3.1)
      listen (~> 3.0)
    json (1.8.3)
    kramdown (1.9.0)
    libv8 (3.16.14.13)
    liquid (3.0.6)
    listen (3.0.5)
      rb-fsevent (>= 0.9.3)
      rb-inotify (>= 0.9)
    mercenary (0.3.5)
    neat (1.7.2)
      bourbon (>= 4.0)
      sass (>= 3.3)
    rack (1.6.4)
    rake (10.5.0)
    rb-fsevent (0.9.7)
    rb-inotify (0.9.5)
      ffi (>= 0.5.0)
    ref (2.0.0)
    rouge (1.10.1)
    safe_yaml (1.0.4)
    sass (3.4.21)
    sprockets (3.5.2)
      concurrent-ruby (~> 1.0)
      rack (> 1, < 3)
    sprockets-es6 (0.8.2)
      babel-source (>= 5.8.11)
      babel-transpiler
      sprockets (>= 3.0.0)
    sprockets-helpers (1.2.1)
      sprockets (>= 2.2)
    therubyracer (0.12.2)
      libv8 (~> 3.16.14.0)
      ref
    thor (0.19.1)
    tilt (2.0.2)
    uglifier (2.7.2)
      execjs (>= 0.3.0)
      json (>= 1.8.0)

PLATFORMS
  ruby

DEPENDENCIES
  autoprefixer-rails
  bourbon
  jekyll (~> 3.0)
  jekyll-assets (~> 2.0)
  jekyll-compose
  jekyll-paginate
  neat
  rake
  sprockets-es6
  therubyracer
  uglifier
